GEM
  remote: https://rubygems.org/
  specs:
    addressable (2.5.2)
      public_suffix (>= 2.0.2, < 4.0)
    cuba (3.9.2)
      rack (>= 1.6.0)
    cuba-contrib (3.1.0)
      cuba (~> 3.1)
    domain_name (0.5.20170404)
      unf (>= 0.0.5, < 1.0.0)
    dotenv (2.2.1)
    http (2.2.2)
      addressable (~> 2.3)
      http-cookie (~> 1.0)
      http-form_data (~> 1.0.1)
      http_parser.rb (~> 0.6.0)
    http-cookie (1.0.3)
      domain_name (~> 0.5)
    http-form_data (1.0.3)
    http_parser.rb (0.6.0)
    mote (1.3.0)
    public_suffix (3.0.2)
    rack (2.0.4)
    redd (0.8.8)
      http (~> 2.2)
    shotgun (0.9.2)
      rack (>= 1.0)
    unf (0.1.4)
      unf_ext
    unf_ext (0.0.7.5)

PLATFORMS
  ruby

DEPENDENCIES
  cuba (~> 3.9.2)
  cuba-contrib (~> 3.1.0)
  dotenv (~> 2.2.1)
  mote (~> 1.3.0)
  redd (~> 0.8.8)
  shotgun (~> 0.9.2)

RUBY VERSION
   ruby 2.2.4p230

BUNDLED WITH
   1.15.0
